PATH
  remote: .
  specs:
    redis-script_manager (0.0.2)

GEM
  remote: https://rubygems.org/
  specs:
    minitest (5.10.3)
    rake (10.5.0)
    redis (3.3.3)
    redis-namespace (1.5.3)
      redis (~> 3.0, >= 3.0.4)

PLATFORMS
  ruby

DEPENDENCIES
  bundler (~> 1.14)
  minitest (~> 5.0)
  rake (~> 10.0)
  redis (~> 3.2)
  redis-namespace (~> 1.5)
  redis-script_manager!

BUNDLED WITH
   1.15.3
